PATH
  remote: ./local_gems/websocket-rack-master/
  specs:
    websocket-rack (0.4.0)
      em-websocket (~> 0.3.8)
      eventmachine (~> 1.0.0)
      rack
      thin

GEM
  remote: http://rubygems.org/
  specs:
    addressable (2.2.7)
    daemons (1.1.9)
    data_objects (0.10.8)
      addressable (~> 2.1)
    dm-core (1.2.0)
      addressable (~> 2.2.6)
    dm-do-adapter (1.2.0)
      data_objects (~> 0.10.6)
      dm-core (~> 1.2.0)
    dm-sqlite-adapter (1.2.0)
      dm-do-adapter (~> 1.2.0)
      do_sqlite3 (~> 0.10.6)
    do_sqlite3 (0.10.8)
      data_objects (= 0.10.8)
    em-websocket (0.3.8)
      addressable (>= 2.1.1)
      eventmachine (>= 0.12.9)
    eventmachine (1.0.3)
    rack (1.4.1)
    rack-protection (1.2.0)
      rack
    rubyzip (0.9.8)
    sass (3.1.19)
    sinatra (1.3.2)
      rack (~> 1.3, >= 1.3.6)
      rack-protection (~> 1.2)
      tilt (~> 1.3, >= 1.3.3)
    sinatra-static-assets (1.0.3)
      sinatra (>= 1.1.0)
    thin (1.5.1)
      daemons (>= 1.0.9)
      eventmachine (>= 0.12.6)
      rack (>= 1.0.0)
    tilt (1.3.3)
    wirble (0.1.3)

PLATFORMS
  ruby

DEPENDENCIES
  dm-sqlite-adapter (= 1.2.0)
  rubyzip
  sass
  sinatra (= 1.3.2)
  sinatra-static-assets (= 1.0.3)
  thin
  websocket-rack!
  wirble
